GEM
  remote: https://rubygems.org/
  specs:
    passenger (6.0.20)
      rack
      rake (>= 0.8.1)
    rack (3.0.10)
    rake (13.2.1)

PLATFORMS
  x86_64-darwin-22
  x86_64-linux

DEPENDENCIES
  passenger

RUBY VERSION
   ruby 3.2.3p157

BUNDLED WITH
   2.5.9
