GEM
  remote: https://rubygems.org/
  specs:
    base64 (0.2.0)
    bible_parser (1.1.2)
      nokogiri (>= 1.6.0)
    bible_ref (1.6.0)
      parslet (~> 1.6)
    bigdecimal (3.1.7)
    connection_pool (2.4.1)
    dotenv (3.1.0)
    multi_json (1.15.0)
    mustermann (3.0.0)
      ruby2_keywords (~> 0.0.1)
    mysql2 (0.5.6)
    nio4r (2.7.1)
    nokogiri (1.16.4-x86_64-darwin)
      racc (~> 1.4)
    nokogiri (1.16.4-x86_64-linux)
      racc (~> 1.4)
    parslet (1.8.2)
    puma (6.4.2)
      nio4r (~> 2.0)
    racc (1.7.3)
    rack (3.0.10)
    rack-attack (6.7.0)
      rack (>= 1.0, < 4)
    rack-protection (4.0.0)
      base64 (>= 0.1.0)
      rack (>= 3.0.0, < 4)
    rack-session (2.0.0)
      rack (>= 3.0.0)
    rake (13.2.1)
    redis (5.2.0)
      redis-client (>= 0.22.0)
    redis-client (0.22.0)
      connection_pool
    ruby2_keywords (0.0.5)
    sequel (5.79.0)
      bigdecimal
    sinatra (4.0.0)
      mustermann (~> 3.0)
      rack (>= 3.0.0, < 4)
      rack-protection (= 4.0.0)
      rack-session (>= 2.0.0, < 3)
      tilt (~> 2.0)
    sinatra-contrib (4.0.0)
      multi_json (>= 0.0.2)
      mustermann (~> 3.0)
      rack-protection (= 4.0.0)
      sinatra (= 4.0.0)
      tilt (~> 2.0)
    tilt (2.3.0)

PLATFORMS
  x86_64-darwin-22
  x86_64-linux

DEPENDENCIES
  bible_parser
  bible_ref
  dotenv
  mysql2
  puma
  rack-attack
  rake
  redis
  sequel
  sinatra
  sinatra-contrib

RUBY VERSION
   ruby 3.2.3p157

BUNDLED WITH
   2.5.9
